GEM
  remote: https://rubygems.org/
  specs:
    absolute_time (1.0.0)
    activesupport (7.0.5)
      concurrent-ruby (~> 1.0, >= 1.0.2)
      i18n (>= 1.6, < 2)
      minitest (>= 5.1)
      tzinfo (~> 2.0)
    ast (2.4.2)
    bbbevents (2.0.0)
      activesupport (>= 5.0.0.1, < 8)
      rexml
    builder (3.2.4)
    concurrent-ruby (1.2.2)
    crass (1.0.6)
    fastimage (2.2.6)
    ffi (1.15.5)
    i18n (1.14.1)
      concurrent-ruby (~> 1.0)
    java_properties (0.0.4)
    journald-logger (3.1.0)
      journald-native (~> 1.0)
    journald-native (1.0.12)
    json (2.7.2)
    jwt (2.5.0)
    locale (2.1.3)
    loofah (2.19.1)
      crass (~> 1.0.2)
      nokogiri (>= 1.5.9)
    mini_portile2 (2.8.0)
    minitest (5.14.4)
    mono_logger (1.1.2)
    multi_json (1.15.0)
    mustermann (3.0.0)
      ruby2_keywords (~> 0.0.1)
    nokogiri (1.13.10)
      mini_portile2 (~> 2.8.0)
      racc (~> 1.4)
    open4 (1.3.4)
    optimist (3.0.1)
    parallel (1.26.3)
    parser (3.3.4.2)
      ast (~> 2.4.1)
      racc
    racc (1.8.1)
    rack (2.2.8)
    rack-protection (3.1.0)
      rack (~> 2.2, >= 2.2.4)
    rainbow (3.1.1)
    rake (13.0.6)
    rb-inotify (0.10.1)
      ffi (~> 1.0)
    redis (4.8.1)
    redis-namespace (1.11.0)
      redis (>= 4)
    regexp_parser (2.9.2)
    resque (2.6.0)
      mono_logger (~> 1.0)
      multi_json (~> 1.0)
      redis-namespace (~> 1.6)
      sinatra (>= 0.9.2)
    rexml (3.3.6)
      strscan
    rubocop (1.34.1)
      json (~> 2.3)
      parallel (~> 1.10)
      parser (>= 3.1.2.1)
      rainbow (>= 2.2.2, < 4.0)
      regexp_parser (>= 1.8, < 3.0)
      rexml (>= 3.2.5, < 4.0)
      rubocop-ast (>= 1.20.0, < 2.0)
      ruby-progressbar (~> 1.7)
      unicode-display_width (>= 1.4.0, < 3.0)
    rubocop-ast (1.32.1)
      parser (>= 3.3.1.0)
    ruby-progressbar (1.13.0)
    ruby2_keywords (0.0.5)
    rubyzip (2.3.2)
    sinatra (3.1.0)
      mustermann (~> 3.0)
      rack (~> 2.2, >= 2.2.4)
      rack-protection (= 3.1.0)
      tilt (~> 2.0)
    strscan (3.1.0)
    tilt (2.2.0)
    tzinfo (2.0.6)
      concurrent-ruby (~> 1.0)
    unicode-display_width (2.5.0)

PLATFORMS
  ruby

DEPENDENCIES
  absolute_time (~> 1.0)
  bbbevents (~> 2.0, >= 2.0.0)
  builder (~> 3.2)
  fastimage (~> 2.1)
  java_properties
  journald-logger (~> 3.0)
  jwt (~> 2.2)
  locale (~> 2.1)
  loofah (~> 2.19.1)
  minitest (~> 5.14.1)
  nokogiri (~> 1.13.10, >= 1.13.10)
  open4 (~> 1.3)
  optimist
  rake (>= 12.3, < 14)
  rb-inotify (~> 0.10)
  redis (~> 4.1)
  resque (~> 2.6, >= 2.6.0)
  rubocop (~> 1.34.0)
  rubyzip (~> 2.0)
  tzinfo (>= 1.2.10)

BUNDLED WITH
   2.1.4
